GIT
  remote: git://github.com/celluloid/dcell.git
  revision: da07f75303af84c96ba6dba782dfc57dbbf092e4
  specs:
    dcell (0.10.0)
      celluloid (~> 0.10.0)
      celluloid-zmq (~> 0.10.0)
      moneta
      redis
      redis-namespace
      reel (~> 0.0.1)

GIT
  remote: git://github.com/celluloid/reel.git
  revision: ecc48bdf96fb924bb5c4d901919d3918b22cd6b6
  specs:
    reel (0.0.1)
      celluloid-io (>= 0.8.0)
      http (>= 0.2.0)
      http_parser.rb (>= 0.5.3)

GEM
  remote: http://rubygems.org/
  specs:
    celluloid (0.10.0)
    celluloid-io (0.10.0)
      celluloid (~> 0.10.0)
      nio4r (>= 0.3.1)
    celluloid-zmq (0.10.0)
      celluloid (~> 0.10.0)
      celluloid-io (~> 0.10.0)
      ffi
      ffi-rzmq
    certified (0.1.0)
    ffi (1.0.11)
    ffi-rzmq (0.9.3)
      ffi
    foreman (0.45.0)
      thor (>= 0.13.6)
    http (0.2.0)
      certified
    http_parser.rb (0.5.3)
    moneta (0.6.0)
    nio4r (0.3.3)
    redis (2.2.2)
    redis-namespace (1.1.0)
      redis (< 3.0.0)
    thor (0.15.0)

PLATFORMS
  ruby

DEPENDENCIES
  dcell!
  foreman
  reel!
